GEM
  remote: http://rubygems.org/
  specs:
    actionmailer (2.1.1)
      actionpack (= 2.1.1)
    actionpack (2.1.1)
      activesupport (= 2.1.1)
    activerecord (2.1.1)
      activesupport (= 2.1.1)
    activeresource (2.1.1)
      activesupport (= 2.1.1)
    activesupport (2.1.1)
    acts_as_ferret (0.4.3)
    aws-s3 (0.6.2)
      builder
      mime-types
      xml-simple
    builder (3.0.0)
    capistrano (2.6.0)
      highline
      net-scp (>= 1.0.0)
      net-sftp (>= 2.0.0)
      net-ssh (>= 2.0.14)
      net-ssh-gateway (>= 1.1.0)
    chronic (0.2.3)
      hoe (>= 1.2.1)
    ferret (0.11.6)
      rake (> 0.0.0)
    highline (1.6.2)
    hoe (2.9.4)
      rake (>= 0.8.7)
    mime-types (1.16)
    mysql (2.8.1)
    net-scp (1.0.4)
      net-ssh (>= 1.99.1)
    net-sftp (2.0.5)
      net-ssh (>= 2.0.9)
    net-ssh (2.1.4)
    net-ssh-gateway (1.1.0)
      net-ssh (>= 1.99.1)
    rails (2.1.1)
      actionmailer (= 2.1.1)
      actionpack (= 2.1.1)
      activerecord (= 2.1.1)
      activeresource (= 2.1.1)
      activesupport (= 2.1.1)
      rake (>= 0.8.1)
    rake (0.8.7)
    rspec (1.2.9)
    xml-simple (1.0.16)

PLATFORMS
  ruby

DEPENDENCIES
  acts_as_ferret (= 0.4.3)
  aws-s3 (= 0.6.2)
  capistrano
  chronic (= 0.2.3)
  ferret (= 0.11.6)
  mime-types (= 1.16)
  mysql (= 2.8.1)
  rails (= 2.1.1)
  rake (= 0.8.7)
  rspec (= 1.2.9)
